PATH
  remote: .
  specs:
    game_gem (0.1.0)

GEM
  remote: https://rubygems.org/
  specs:
    coderay (1.1.2)
    method_source (0.9.0)
    pry (0.11.3)
      coderay (~> 1.1.0)
      method_source (~> 0.9.0)
    rake (10.5.0)
    require_all (2.0.0)

PLATFORMS
  ruby

DEPENDENCIES
  bundler (~> 1.16)
  game_gem!
  pry
  rake (~> 10.0)
  require_all

BUNDLED WITH
   1.16.1
